GEM
  remote: http://rubygems.org/
  specs:
    abstract (1.0.0)
    actionmailer (3.0.7)
      actionpack (= 3.0.7)
      mail (~> 2.2.15)
    actionpack (3.0.7)
      activemodel (= 3.0.7)
      activesupport (= 3.0.7)
      builder (~> 2.1.2)
      erubis (~> 2.6.6)
      i18n (~> 0.5.0)
      rack (~> 1.2.1)
      rack-mount (~> 0.6.14)
      rack-test (~> 0.5.7)
      tzinfo (~> 0.3.23)
    activemodel (3.0.7)
      activesupport (= 3.0.7)
      builder (~> 2.1.2)
      i18n (~> 0.5.0)
    activerecord (3.0.7)
      activemodel (= 3.0.7)
      activesupport (= 3.0.7)
      arel (~> 2.0.2)
      tzinfo (~> 0.3.23)
    activeresource (3.0.7)
      activemodel (= 3.0.7)
      activesupport (= 3.0.7)
    activesupport (3.0.7)
    arel (2.0.9)
    bcrypt-ruby (2.1.4)
    bsearch (1.5.0)
    bson (1.3.0)
    bson_ext (1.3.0)
    builder (2.1.2)
    capistrano (2.5.20)
      highline
      highline
      net-scp (>= 1.0.0)
      net-scp
      net-sftp
      net-sftp (>= 2.0.0)
      net-ssh (>= 2.0.14)
      net-ssh
      net-ssh-gateway
      net-ssh-gateway (>= 1.0.0)
    devise (1.3.1)
      bcrypt-ruby (~> 2.1.2)
      orm_adapter (~> 0.0.3)
      warden (~> 1.0.3)
    erubis (2.6.6)
      abstract (>= 1.0.0)
    factory_girl (2.0.0.beta2)
    faker (0.9.5)
      i18n (~> 0.4)
    highline (1.6.1)
    i18n (0.5.0)
    jquery-rails (0.2.7)
      rails (~> 3.0)
      thor (~> 0.14.4)
    kaminari (0.10.4)
      rails (>= 3.0.0)
    kgio (2.3.3)
    mail (2.2.17)
      activesupport (>= 2.3.6)
      i18n (>= 0.4.0)
      mime-types (~> 1.16)
      treetop (~> 1.4.8)
    migemo-lib (0.4.3)
      bsearch (>= 1.5.0)
      romkan (>= 0.4.0)
    mime-types (1.16)
    mocha (0.9.12)
    mongo (1.3.0)
      bson (>= 1.3.0)
    mongoid (2.0.1)
      activemodel (~> 3.0)
      mongo (~> 1.3)
      tzinfo (~> 0.3.22)
      will_paginate (~> 3.0.pre)
    net-scp (1.0.4)
      net-ssh (>= 1.99.1)
    net-sftp (2.0.5)
      net-ssh (>= 2.0.9)
    net-ssh (2.1.3)
    net-ssh-gateway (1.0.1)
      net-ssh (>= 1.99.1)
    orm_adapter (0.0.4)
    pdfkit (0.5.0)
    polyglot (0.3.1)
    rack (1.2.2)
    rack-mount (0.6.14)
      rack (>= 1.0.0)
    rack-test (0.5.7)
      rack (>= 1.0)
    rails (3.0.7)
      actionmailer (= 3.0.7)
      actionpack (= 3.0.7)
      activerecord (= 3.0.7)
      activeresource (= 3.0.7)
      activesupport (= 3.0.7)
      bundler (~> 1.0)
      railties (= 3.0.7)
    rails3-generators (0.17.4)
      railties (>= 3.0.0)
    railties (3.0.7)
      actionpack (= 3.0.7)
      activesupport (= 3.0.7)
      rake (>= 0.8.7)
      thor (~> 0.14.4)
    rake (0.8.7)
    romkan (0.4.0)
    shoulda (2.11.3)
    shoulda-activemodel (0.0.2)
      shoulda (>= 2.11.0)
    stateflow (0.4.1)
    thor (0.14.6)
    treetop (1.4.9)
      polyglot (>= 0.3.1)
    tzinfo (0.3.26)
    unicorn (3.5.0)
      kgio (~> 2.3)
      rack
    warden (1.0.3)
      rack (>= 1.0.0)
    will_paginate (3.0.pre2)

PLATFORMS
  ruby

DEPENDENCIES
  bson_ext (~> 1.3.0)
  capistrano
  devise
  factory_girl (~> 2.0.0.beta)
  faker
  jquery-rails
  kaminari
  migemo-lib
  mocha
  mongoid (~> 2.0.1)
  pdfkit
  rails (= 3.0.7)
  rails3-generators
  shoulda
  shoulda-activemodel
  stateflow
  unicorn
